PATH
  remote: .
  specs:
    redis_ring_client (0.0.1)
      redis

GEM
  remote: http://rubygems.org/
  specs:
    diff-lcs (1.1.2)
    redis (2.1.1)
    rspec (2.5.0)
      rspec-core (~> 2.5.0)
      rspec-expectations (~> 2.5.0)
      rspec-mocks (~> 2.5.0)
    rspec-core (2.5.1)
    rspec-expectations (2.5.0)
      diff-lcs (~> 1.1.2)
    rspec-mocks (2.5.0)

PLATFORMS
  ruby

DEPENDENCIES
  redis_ring_client!
  rspec
