PATH
  remote: .
  specs:
    redis_ring_client (0.1.0)
      json
      redis
      zookeeper

GEM
  remote: http://rubygems.org/
  specs:
    diff-lcs (1.1.2)
    json (1.5.1)
    mocha (0.9.12)
    redis (2.1.1)
    rspec (2.5.0)
      rspec-core (~> 2.5.0)
      rspec-expectations (~> 2.5.0)
      rspec-mocks (~> 2.5.0)
    rspec-core (2.5.1)
    rspec-expectations (2.5.0)
      diff-lcs (~> 1.1.2)
    rspec-mocks (2.5.0)
    ruby-prof (0.9.2)
    zookeeper (0.4.3)

PLATFORMS
  ruby

DEPENDENCIES
  mocha
  redis_ring_client!
  rspec
  ruby-prof
